PATH
  remote: .
  specs:
    corn (0.1.6)
      multipart-post (~> 2.0, >= 2.0.0)
      sampling_prof (~> 0.1, >= 0.1.0)

GEM
  remote: https://rubygems.org/
  specs:
    multipart-post (2.0.0)
    rake (10.1.1)
    sampling_prof (0.1.2)

PLATFORMS
  java
  ruby

DEPENDENCIES
  corn!
  rake
