PATH
  remote: .
  specs:
    corn (0.3.3)
      sampling_prof (>= 0.3)

GEM
  remote: https://rubygems.org/
  specs:
    rake (10.1.1)
    sampling_prof (0.3.3)

PLATFORMS
  java
  ruby

DEPENDENCIES
  corn!
  rake
