PATH
  remote: .
  specs:
    corn (0.4.2)
      sampling_prof (>= 0.4)

GEM
  remote: https://rubygems.org/
  specs:
    rake (10.1.1)
    sampling_prof (0.4.3)

PLATFORMS
  java
  ruby

DEPENDENCIES
  corn!
  rake
