PATH
  remote: .
  specs:
    corn (0.1.4)
      sampling_prof (~> 0.0, >= 0.0.2)

GEM
  remote: https://rubygems.org/
  specs:
    rake (10.1.1)
    sampling_prof (0.0.2)

PLATFORMS
  java

DEPENDENCIES
  corn!
  rake
