PATH
  remote: .
  specs:
    corn (0.1.3)
      sampling_prof (~> 0.0, >= 0.0.2)

GEM
  remote: https://rubygems.org/
  specs:
    sampling_prof (0.0.2)

PLATFORMS
  java

DEPENDENCIES
  corn!
