PATH
  remote: .
  specs:
    corn (0.5.6)
      sampling_prof (>= 0.4.5)

GEM
  remote: https://rubygems.org/
  specs:
    rake (10.1.1)
    sampling_prof (0.4.8)

PLATFORMS
  java
  ruby

DEPENDENCIES
  corn!
  rake
